GIT
  remote: https://github.com/Elimusa/lists_of_cities.git
  revision: 831bf5fa78d6be9e9259da5f95b734e93c8fc353
  specs:
    lists_of_cities (0.1.0)
      activesupport
      nokogiri

GEM
  remote: https://gems.ruby-china.com/
  specs:
    activesupport (7.0.4.3)
      concurrent-ruby (~> 1.0, >= 1.0.2)
      i18n (>= 1.6, < 2)
      minitest (>= 5.1)
      tzinfo (~> 2.0)
    concurrent-ruby (1.2.2)
    i18n (1.12.0)
      concurrent-ruby (~> 1.0)
    mini_portile2 (2.4.0)
    minitest (5.18.0)
    nokogiri (1.10.7)
      mini_portile2 (~> 2.4.0)
    tzinfo (2.0.6)
      concurrent-ruby (~> 1.0)

PLATFORMS
  ruby

DEPENDENCIES
  lists_of_cities!

BUNDLED WITH
   2.1.2
